GIT
  remote: git://github.com/makandra/rails.git
  revision: e86daf8ff727d5efc0040c876ba00c9444a5d915
  ref: e86daf8ff727d5efc0040c876ba00c9444a5d915
  branch: 2-3-lts
  specs:
    actionmailer (2.3.18)
      actionpack (= 2.3.18)
    actionpack (2.3.18)
      activesupport (= 2.3.18)
      rack (~> 1.1.0)
    activerecord (2.3.18)
      activesupport (= 2.3.18)
    activeresource (2.3.18)
      activesupport (= 2.3.18)
    activesupport (2.3.18)
    rails (2.3.18)
      actionmailer (= 2.3.18)
      actionpack (= 2.3.18)
      activerecord (= 2.3.18)
      activeresource (= 2.3.18)
      activesupport (= 2.3.18)
      rake (>= 0.8.3)

PATH
  remote: .
  specs:
    canvas_stringex (0.0.1)

GEM
  remote: https://rubygems.org/
  specs:
    rack (1.1.6)
    rake (10.1.1)
    sqlite3 (1.3.8)

PLATFORMS
  ruby

DEPENDENCIES
  activerecord
  bundler (~> 1.5)
  canvas_stringex!
  rails!
  rake
  sqlite3
